NUGET
  remote: https://nuget.org/api/v2
  specs:
    FAKE (4.7.1)
    FSharp.Configuration (0.5.3)
